GEM
  remote: http://rubygems.org/
  specs:
    em-hiredis (0.3.1)
      eventmachine (~> 1.0)
      hiredis (~> 0.6.0)
    eventmachine (1.2.1)
    hiredis (0.6.1)
    yajl-ruby (1.2.1)

PLATFORMS
  ruby

DEPENDENCIES
  em-hiredis
  eventmachine
  yajl-ruby

BUNDLED WITH
   1.14.3
